GEM
  remote: https://rubygems.org/
  specs:
    RedCloth (4.2.9)
    bootstrap-sass (3.1.0.1)
      sass (~> 3.2)
    classifier (1.3.4)
      fast-stemmer (>= 1.0.0)
    directory_watcher (1.5.1)
    fast-stemmer (1.0.2)
    jekyll (0.12.1)
      classifier (~> 1.3)
      directory_watcher (~> 1.1)
      kramdown (~> 0.14)
      liquid (~> 2.3)
      maruku (~> 0.5)
      pygments.rb (~> 0.3.2)
    kgio (2.9.0)
    kramdown (0.14.2)
    liquid (2.6.1)
    maruku (0.7.1)
    newrelic_rpm (3.7.1.188)
    posix-spawn (0.3.8)
    pygments.rb (0.3.7)
      posix-spawn (~> 0.3.6)
      yajl-ruby (~> 1.1.0)
    rack (1.5.2)
    rack-protection (1.5.2)
      rack
    raindrops (0.12.0)
    rake (0.9.6)
    rb-fsevent (0.9.4)
    rdiscount (2.1.7)
    rubypants (0.2.0)
    sass (3.2.14)
    sinatra (1.4.4)
      rack (~> 1.4)
      rack-protection (~> 1.4)
      tilt (~> 1.3, >= 1.3.4)
    stringex (1.5.1)
    tilt (1.4.1)
    unicorn (4.8.1)
      kgio (~> 2.6)
      rack
      raindrops (~> 0.7)
    yajl-ruby (1.1.0)

PLATFORMS
  ruby

DEPENDENCIES
  RedCloth (~> 4.2)
  bootstrap-sass (~> 3.0)
  directory_watcher (~> 1.4)
  jekyll (~> 0.12)
  liquid (~> 2.3)
  newrelic_rpm
  pygments.rb (~> 0.3)
  rake (~> 0.9)
  rb-fsevent (~> 0.9)
  rdiscount (~> 2.0)
  rubypants (~> 0.2)
  sass (~> 3.2)
  sinatra (~> 1.4.2)
  stringex (~> 1.4)
  unicorn
